GEM
  remote: http://rubygems.org/
  specs:
    RedCloth (4.2.8)
    actionmailer (2.3.4)
      actionpack (= 2.3.4)
    actionpack (2.3.4)
      activesupport (= 2.3.4)
      rack (~> 1.0.0)
    activerecord (2.3.4)
      activesupport (= 2.3.4)
    activeresource (2.3.4)
      activesupport (= 2.3.4)
    activesupport (2.3.4)
    cocaine (0.2.0)
    haml (3.1.3)
    i18n (0.6.0)
    mime-types (1.16)
    mysql (2.8.1)
    nokogiri (1.5.0)
    paperclip (2.4.3)
      activerecord (>= 2.3.0)
      activesupport (>= 2.3.2)
      cocaine (>= 0.0.2)
      mime-types
    rack (1.0.1)
    rails (2.3.4)
      actionmailer (= 2.3.4)
      actionpack (= 2.3.4)
      activerecord (= 2.3.4)
      activeresource (= 2.3.4)
      activesupport (= 2.3.4)
      rake (>= 0.8.3)
    rake (0.9.2)
    rmagick (2.13.1)
    russian (0.2.7)
    sanitize (2.0.3)
      nokogiri (>= 1.4.4, < 1.6)
    state_machine (1.0.2)
    subdomain-fu (1.0.0.beta2)
    will_paginate (3.0.2)

PLATFORMS
  ruby

DEPENDENCIES
  RedCloth
  haml
  i18n
  mysql
  nokogiri
  paperclip
  rails (= 2.3.4)
  rmagick
  russian
  sanitize
  state_machine
  subdomain-fu (= 1.0.0.beta2)
  will_paginate
